GEM
  remote: http://rubygems.org/
  specs:
    sass (3.5.3)

PLATFORMS
  ruby

DEPENDENCIES
  sass